NUGET
  remote: https://www.nuget.org/api/v2
  specs:
    AsciiDocNet (1.0.0-alpha3)
    BenchmarkDotNet (0.9.5)
    Bogus (6.1.1)
      Newtonsoft.Json (>= 8.0.2) - framework: >= net40
    CsQuery (1.3.4)
    DiffPlex (1.2.1)
    FluentAssertions (3.5)
    Humanizer (2.0.1)
      Humanizer.Core.af (>= 2.0.1)
      Humanizer.Core.ar (>= 2.0.1)
      Humanizer.Core.bg (>= 2.0.1)
      Humanizer.Core.bn-BD (>= 2.0.1)
      Humanizer.Core.cs (>= 2.0.1)
      Humanizer.Core.da (>= 2.0.1)
      Humanizer.Core.de (>= 2.0.1)
      Humanizer.Core.el (>= 2.0.1)
      Humanizer.Core.es (>= 2.0.1)
      Humanizer.Core.fa (>= 2.0.1)
      Humanizer.Core.fi-FI (>= 2.0.1)
      Humanizer.Core.fr (>= 2.0.1)
      Humanizer.Core.fr-BE (>= 2.0.1)
      Humanizer.Core.he (>= 2.0.1)
      Humanizer.Core.hr (>= 2.0.1)
      Humanizer.Core.hu (>= 2.0.1)
      Humanizer.Core.id (>= 2.0.1)
      Humanizer.Core.it (>= 2.0.1)
      Humanizer.Core.ja (>= 2.0.1)
      Humanizer.Core.nb (>= 2.0.1)
      Humanizer.Core.nb-NO (>= 2.0.1)
      Humanizer.Core.nl (>= 2.0.1)
      Humanizer.Core.pl (>= 2.0.1)
      Humanizer.Core.pt (>= 2.0.1)
      Humanizer.Core.ro (>= 2.0.1)
      Humanizer.Core.ru (>= 2.0.1)
      Humanizer.Core.sk (>= 2.0.1)
      Humanizer.Core.sl (>= 2.0.1)
      Humanizer.Core.sr (>= 2.0.1)
      Humanizer.Core.sr-Latn (>= 2.0.1)
      Humanizer.Core.sv (>= 2.0.1)
      Humanizer.Core.tr (>= 2.0.1)
      Humanizer.Core.uk (>= 2.0.1)
      Humanizer.Core.uz-Cyrl-UZ (>= 2.0.1)
      Humanizer.Core.uz-Latn-UZ (>= 2.0.1)
      Humanizer.Core.vi (>= 2.0.1)
      Humanizer.Core.zh-CN (>= 2.0.1)
      Humanizer.Core.zh-Hans (>= 2.0.1)
      Humanizer.Core.zh-Hant (>= 2.0.1)
    Humanizer.Core (2.0.1)
      System.Collections (>= 4.0) - framework: dnxcore50
      System.Diagnostics.Debug (>= 4.0) - framework: dnxcore50
      System.Globalization (>= 4.0) - framework: dnxcore50
      System.Linq (>= 4.0) - framework: dnxcore50
      System.Reflection (>= 4.0) - framework: dnxcore50
      System.Reflection.Extensions (>= 4.0) - framework: dnxcore50
      System.Resources.ResourceManager (>= 4.0) - framework: dnxcore50
      System.Runtime (>= 4.0) - framework: dnxcore50
      System.Runtime.Extensions (>= 4.0) - framework: dnxcore50
      System.Text.RegularExpressions (>= 4.0) - framework: dnxcore50
    Humanizer.Core.af (2.0.1)
      Humanizer.Core (2.0.1)
    Humanizer.Core.ar (2.0.1)
      Humanizer.Core (2.0.1)
    Humanizer.Core.bg (2.0.1)
      Humanizer.Core (2.0.1)
    Humanizer.Core.bn-BD (2.0.1)
      Humanizer.Core (2.0.1)
    Humanizer.Core.cs (2.0.1)
      Humanizer.Core (2.0.1)
    Humanizer.Core.da (2.0.1)
      Humanizer.Core (2.0.1)
    Humanizer.Core.de (2.0.1)
      Humanizer.Core (2.0.1)
    Humanizer.Core.el (2.0.1)
      Humanizer.Core (2.0.1)
    Humanizer.Core.es (2.0.1)
      Humanizer.Core (2.0.1)
    Humanizer.Core.fa (2.0.1)
      Humanizer.Core (2.0.1)
    Humanizer.Core.fi-FI (2.0.1)
      Humanizer.Core (2.0.1)
    Humanizer.Core.fr (2.0.1)
      Humanizer.Core (2.0.1)
    Humanizer.Core.fr-BE (2.0.1)
      Humanizer.Core (2.0.1)
    Humanizer.Core.he (2.0.1)
      Humanizer.Core (2.0.1)
    Humanizer.Core.hr (2.0.1)
      Humanizer.Core (2.0.1)
    Humanizer.Core.hu (2.0.1)
      Humanizer.Core (2.0.1)
    Humanizer.Core.id (2.0.1)
      Humanizer.Core (2.0.1)
    Humanizer.Core.it (2.0.1)
      Humanizer.Core (2.0.1)
    Humanizer.Core.ja (2.0.1)
      Humanizer.Core (2.0.1)
    Humanizer.Core.nb (2.0.1)
      Humanizer.Core (2.0.1)
    Humanizer.Core.nb-NO (2.0.1)
      Humanizer.Core (2.0.1)
    Humanizer.Core.nl (2.0.1)
      Humanizer.Core (2.0.1)
    Humanizer.Core.pl (2.0.1)
      Humanizer.Core (2.0.1)
    Humanizer.Core.pt (2.0.1)
      Humanizer.Core (2.0.1)
    Humanizer.Core.ro (2.0.1)
      Humanizer.Core (2.0.1)
    Humanizer.Core.ru (2.0.1)
      Humanizer.Core (2.0.1)
    Humanizer.Core.sk (2.0.1)
      Humanizer.Core (2.0.1)
    Humanizer.Core.sl (2.0.1)
      Humanizer.Core (2.0.1)
    Humanizer.Core.sr (2.0.1)
      Humanizer.Core (2.0.1)
    Humanizer.Core.sr-Latn (2.0.1)
      Humanizer.Core (2.0.1)
    Humanizer.Core.sv (2.0.1)
      Humanizer.Core (2.0.1)
    Humanizer.Core.tr (2.0.1)
      Humanizer.Core (2.0.1)
    Humanizer.Core.uk (2.0.1)
      Humanizer.Core (2.0.1)
    Humanizer.Core.uz-Cyrl-UZ (2.0.1)
      Humanizer.Core (2.0.1)
    Humanizer.Core.uz-Latn-UZ (2.0.1)
      Humanizer.Core (2.0.1)
    Humanizer.Core.vi (2.0.1)
      Humanizer.Core (2.0.1)
    Humanizer.Core.zh-CN (2.0.1)
      Humanizer.Core (2.0.1)
    Humanizer.Core.zh-Hans (2.0.1)
      Humanizer.Core (2.0.1)
    Humanizer.Core.zh-Hant (2.0.1)
      Humanizer.Core (2.0.1)
    JetBrains.Profiler.Kernel.Windows.Api (105.0.20160414.155156)
      Wave (5.0)
    Microsoft.CodeAnalysis.Analyzers (1.1)
    Microsoft.CodeAnalysis.Common (1.2.1)
      Microsoft.CodeAnalysis.Analyzers (>= 1.1)
      System.Collections.Immutable (>= 1.1.37)
      System.Reflection.Metadata (>= 1.2)
    Microsoft.CodeAnalysis.CSharp (1.2.1)
      Microsoft.CodeAnalysis.Common (1.2.1)
    NDesk.Options (0.2.1)
    Newtonsoft.Json (8.0.3)
    RazorMachine (2.6.1)
    Rx-Core (2.2.5)
      Rx-Interfaces (>= 2.2.5)
    Rx-Interfaces (2.2.5)
    Rx-Linq (2.2.5)
      Rx-Core (>= 2.2.5)
      Rx-Interfaces (>= 2.2.5)
    Rx-Main (2.2.5)
      Rx-Core (>= 2.2.5)
      Rx-Interfaces (>= 2.2.5)
      Rx-Linq (>= 2.2.5)
      Rx-PlatformServices (>= 2.2.5)
    Rx-PlatformServices (2.2.5)
      Rx-Core (>= 2.2.5)
      Rx-Interfaces (>= 2.2.5)
    System.Collections (4.0.10) - framework: dnxcore50, >= netstandard11
      System.Diagnostics.Debug (>= 4.0) - framework: dnxcore50
      System.Resources.ResourceManager (>= 4.0) - framework: dnxcore50
      System.Runtime (>= 4.0) - framework: dnxcore50
      System.Runtime (>= 4.0.20) - framework: dnxcore50
      System.Runtime.Extensions (>= 4.0) - framework: dnxcore50
      System.Threading (>= 4.0) - framework: dnxcore50
    System.Collections.Immutable (1.1.37)
      System.Collections (>= 4.0) - framework: dnxcore50
      System.Diagnostics.Debug (>= 4.0) - framework: dnxcore50
      System.Globalization (>= 4.0) - framework: dnxcore50
      System.Linq (>= 4.0) - framework: dnxcore50
      System.Resources.ResourceManager (>= 4.0) - framework: dnxcore50
      System.Runtime (>= 4.0) - framework: dnxcore50
      System.Runtime.Extensions (>= 4.0) - framework: dnxcore50
      System.Threading (>= 4.0) - framework: dnxcore50
    System.Diagnostics.Contracts (4.0) - framework: dnxcore50
      System.Runtime (>= 4.0) - framework: dnxcore50
    System.Linq (4.0) - framework: dnxcore50, >= netstandard11
      System.Collections (>= 4.0.10) - framework: dnxcore50
      System.Diagnostics.Debug (>= 4.0.10) - framework: dnxcore50
      System.Resources.ResourceManager (>= 4.0) - framework: dnxcore50
      System.Runtime (>= 4.0.20) - framework: dnxcore50
      System.Runtime.Extensions (>= 4.0.10) - framework: dnxcore50
    System.Linq.Expressions (4.0.10) - framework: dnxcore50
      System.Collections (>= 4.0) - framework: dnxcore50
      System.Diagnostics.Debug (>= 4.0) - framework: dnxcore50
      System.Globalization (>= 4.0) - framework: dnxcore50
      System.IO (>= 4.0) - framework: dnxcore50
      System.Linq (>= 4.0) - framework: dnxcore50
      System.ObjectModel (>= 4.0) - framework: dnxcore50
      System.Reflection (>= 4.0) - framework: dnxcore50
      System.Reflection.Emit (>= 4.0) - framework: dnxcore50
      System.Reflection.Extensions (>= 4.0) - framework: dnxcore50
      System.Reflection.Primitives (>= 4.0) - framework: dnxcore50
      System.Reflection.TypeExtensions (>= 4.0) - framework: dnxcore50
      System.Resources.ResourceManager (>= 4.0) - framework: dnxcore50
      System.Runtime (>= 4.0) - framework: dnxcore50
      System.Runtime (>= 4.0.20) - framework: dnxcore50
      System.Runtime.Extensions (>= 4.0) - framework: dnxcore50
      System.Threading (>= 4.0) - framework: dnxcore50
    System.ObjectModel (4.0.10) - framework: dnxcore50
      System.Collections (>= 4.0.10) - framework: dnxcore50
      System.Diagnostics.Debug (>= 4.0.10) - framework: dnxcore50
      System.Resources.ResourceManager (>= 4.0) - framework: dnxcore50
      System.Runtime (>= 4.0.20) - framework: dnxcore50
      System.Threading (>= 4.0.10) - framework: dnxcore50
    System.Reflection.Emit (4.0) - framework: dnxcore50
      System.IO (>= 4.0) - framework: dnxcore50
      System.Reflection (>= 4.0) - framework: dnxcore50
      System.Reflection.Emit.ILGeneration (>= 4.0) - framework: dnxcore50
      System.Reflection.Primitives (>= 4.0) - framework: dnxcore50
      System.Runtime (>= 4.0) - framework: dnxcore50
    System.Reflection.Emit.ILGeneration (4.0) - framework: dnxcore50
      System.Reflection (>= 4.0) - framework: dnxcore50
      System.Reflection.Primitives (>= 4.0) - framework: dnxcore50
      System.Runtime (>= 4.0) - framework: dnxcore50
    System.Reflection.Metadata (1.2)
      System.Collections (>= 4.0) - framework: >= netstandard11
      System.Collections.Immutable (>= 1.1.37)
      System.Diagnostics.Debug (>= 4.0) - framework: >= netstandard11
      System.IO (>= 4.0) - framework: >= netstandard11
      System.Linq (>= 4.0) - framework: >= netstandard11
      System.Reflection (>= 4.0) - framework: >= netstandard11
      System.Reflection.Extensions (>= 4.0) - framework: >= netstandard11
      System.Reflection.Primitives (>= 4.0) - framework: >= netstandard11
      System.Resources.ResourceManager (>= 4.0) - framework: >= netstandard11
      System.Runtime (>= 4.0) - framework: >= netstandard11
      System.Runtime.Extensions (>= 4.0) - framework: >= netstandard11
      System.Runtime.InteropServices (>= 4.0) - framework: >= netstandard11
      System.Text.Encoding (>= 4.0) - framework: >= netstandard11
      System.Text.Encoding.Extensions (>= 4.0) - framework: >= netstandard11
      System.Threading (>= 4.0) - framework: >= netstandard11
    System.Runtime.Extensions (4.0.10) - framework: dnxcore50, >= netstandard11
      System.Runtime (>= 4.0.20) - framework: dnxcore50
    System.Runtime.InteropServices (4.0.20) - framework: >= netstandard11
    System.Text.Encoding.Extensions (4.0.10) - framework: >= netstandard11
    Wave (5.0)
    xunit (2.1)
      xunit.assert (2.1)
      xunit.core (2.1)
    xunit.abstractions (2.0) - framework: >= net45, dnx451, dnxcore50, monoandroid, monotouch, portable-net45+win80+wp80+wpa81, xamarinios, winv4.5, wpv8.0, wpav8.1
    xunit.assert (2.1)
      System.Collections (>= 4.0) - framework: dnxcore50
      System.Diagnostics.Debug (>= 4.0) - framework: dnxcore50
      System.Globalization (>= 4.0) - framework: dnxcore50
      System.Linq (>= 4.0) - framework: dnxcore50
      System.ObjectModel (>= 4.0) - framework: dnxcore50
      System.Reflection (>= 4.0) - framework: dnxcore50
      System.Reflection.Extensions (>= 4.0) - framework: dnxcore50
      System.Runtime (>= 4.0) - framework: dnxcore50
      System.Runtime.Extensions (>= 4.0) - framework: dnxcore50
      System.Text.RegularExpressions (>= 4.0) - framework: dnxcore50
      System.Threading.Tasks (>= 4.0) - framework: dnxcore50
    xunit.core (2.1)
      System.Collections (>= 4.0) - framework: dnxcore50
      System.Diagnostics.Debug (>= 4.0) - framework: dnxcore50
      System.Globalization (>= 4.0) - framework: dnxcore50
      System.Linq (>= 4.0) - framework: dnxcore50
      System.Reflection (>= 4.0) - framework: dnxcore50
      System.Reflection.Extensions (>= 4.0) - framework: dnxcore50
      System.Runtime (>= 4.0) - framework: dnxcore50
      System.Runtime.Extensions (>= 4.0) - framework: dnxcore50
      System.Threading.Tasks (>= 4.0) - framework: dnxcore50
      xunit.abstractions (>= 2.0) - framework: dnxcore50
      xunit.extensibility.core (2.1) - framework: >= net45, dnx451, dnxcore50, monoandroid, monotouch, portable-net45+win80+wp80+wpa81, xamarinios, winv4.5, wpv8.0, wpav8.1
      xunit.extensibility.execution (2.1) - framework: >= net45, dnx451, dnxcore50, monoandroid, monotouch, portable-net45+win80+wp80+wpa81, xamarinios, winv4.5, wpv8.0, wpav8.1
    xunit.extensibility.core (2.1) - framework: >= net45, dnx451, dnxcore50, monoandroid, monotouch, portable-net45+win80+wp80+wpa81, xamarinios, winv4.5, wpv8.0, wpav8.1
      xunit.abstractions (2.0)
    xunit.extensibility.execution (2.1) - framework: >= net45, dnx451, dnxcore50, monoandroid, monotouch, portable-net45+win80+wp80+wpa81, xamarinios, winv4.5, wpv8.0, wpav8.1
      System.Collections (>= 4.0) - framework: dnxcore50
      System.Diagnostics.Debug (>= 4.0) - framework: dnxcore50
      System.Globalization (>= 4.0) - framework: dnxcore50
      System.IO (>= 4.0) - framework: dnxcore50
      System.Linq (>= 4.0) - framework: dnxcore50
      System.Linq.Expressions (>= 4.0) - framework: dnxcore50
      System.Reflection (>= 4.0) - framework: dnxcore50
      System.Reflection.Extensions (>= 4.0) - framework: dnxcore50
      System.Runtime (>= 4.0) - framework: dnxcore50
      System.Runtime.Extensions (>= 4.0) - framework: dnxcore50
      System.Text.Encoding (>= 4.0) - framework: dnxcore50
      System.Threading (>= 4.0) - framework: dnxcore50
      System.Threading.Tasks (>= 4.0) - framework: dnxcore50
      xunit.abstractions (>= 2.0) - framework: dnxcore50
      xunit.extensibility.core (2.1) - framework: >= net45, dnx451, dnxcore50, monoandroid, monotouch, xamarinios, winv4.5, wpv8.0, wpav8.1
  remote: http://api.nuget.org/v3/index.json
  specs:
    SemanticVersioning (0.6.17)
    ShellProgressBar (3.0)
    System.Reflection.Extensions (4.0) - framework: dnxcore50, >= netstandard11
      System.Diagnostics.Debug (>= 4.0.10) - framework: dnxcore50
      System.Reflection (>= 4.0) - framework: dnxcore50
      System.Reflection (>= 4.0.10) - framework: dnxcore50
      System.Reflection.Primitives (>= 4.0) - framework: dnxcore50
      System.Reflection.TypeExtensions (>= 4.0) - framework: dnxcore50
      System.Resources.ResourceManager (>= 4.0) - framework: dnxcore50
      System.Runtime (>= 4.0) - framework: dnxcore50
      System.Runtime (>= 4.0.20) - framework: dnxcore50
      System.Runtime.Extensions (>= 4.0.10) - framework: dnxcore50
    System.Reflection.TypeExtensions (4.0) - framework: dnxcore50
      System.Diagnostics.Contracts (>= 4.0) - framework: dnxcore50
      System.Diagnostics.Debug (>= 4.0.10) - framework: dnxcore50
      System.Linq (>= 4.0) - framework: dnxcore50
      System.Reflection (>= 4.0) - framework: dnxcore50
      System.Reflection (>= 4.0.10) - framework: dnxcore50
      System.Reflection.Primitives (>= 4.0) - framework: dnxcore50
      System.Resources.ResourceManager (>= 4.0) - framework: dnxcore50
      System.Runtime (>= 4.0) - framework: dnxcore50
      System.Runtime (>= 4.0.20) - framework: dnxcore50
      System.Runtime.Extensions (>= 4.0.10) - framework: dnxcore50
    System.Text.RegularExpressions (4.0.10) - framework: dnxcore50
      System.Collections (>= 4.0.10) - framework: dnxcore50
      System.Globalization (>= 4.0.10) - framework: dnxcore50
      System.Resources.ResourceManager (>= 4.0) - framework: dnxcore50
      System.Runtime (>= 4.0.20) - framework: dnxcore50
      System.Runtime.Extensions (>= 4.0.10) - framework: dnxcore50
      System.Threading (>= 4.0.10) - framework: dnxcore50
  remote: https://www.myget.org/F/aspnetvnext
  specs:
    System.Buffers (4.0.0-rc2-24027)
      System.Diagnostics.Debug (>= 4.0.11-rc2-24027) - framework: >= netstandard11
      System.Diagnostics.Tracing (>= 4.1.0-rc2-24027) - framework: >= netstandard11
      System.Resources.ResourceManager (>= 4.0.1-rc2-24027) - framework: >= netstandard11
      System.Runtime (>= 4.1.0-rc2-24027) - framework: >= netstandard11
      System.Threading (>= 4.0.11-rc2-24027) - framework: >= netstandard11
    System.Diagnostics.Debug (4.0.11-rc2-24027) - framework: dnxcore50, >= netstandard11
      System.Runtime (>= 4.1.0-rc2-24027) - framework: dnxcore50, netstandard10, >= netstandard13
    System.Diagnostics.Tracing (4.1.0-rc2-24027) - framework: >= netstandard11
      System.Runtime (>= 4.1.0-rc2-24027) - framework: dnxcore50, netstandard11, netstandard12, netstandard13, >= netstandard15
    System.Globalization (4.0.11-rc2-24027) - framework: dnxcore50, >= netstandard11
      System.Runtime (>= 4.1.0-rc2-24027) - framework: dnxcore50, netstandard10, >= netstandard13
    System.IO (4.1.0-rc2-24027) - framework: dnxcore50, >= netstandard11
      System.Runtime (>= 4.1.0-rc2-24027) - framework: dnxcore50, netstandard10, netstandard13, >= netstandard15
      System.Text.Encoding (>= 4.0.11-rc2-24027) - framework: dnxcore50, netstandard10, netstandard13, >= netstandard15
      System.Threading.Tasks (>= 4.0.11-rc2-24027) - framework: dnxcore50, netstandard10, netstandard13, >= netstandard15
    System.Reflection (4.1.0-rc2-24027) - framework: dnxcore50, >= netstandard11
      System.IO (>= 4.1.0-rc2-24027) - framework: dnxcore50, netstandard10, netstandard13, >= netstandard15
      System.Reflection.Primitives (>= 4.0.1-rc2-24027) - framework: dnxcore50, netstandard10, netstandard13, >= netstandard15
      System.Runtime (>= 4.1.0-rc2-24027) - framework: dnxcore50, netstandard10, netstandard13, >= netstandard15
    System.Reflection.Primitives (4.0.1-rc2-24027) - framework: dnxcore50, >= netstandard11
      System.Runtime (>= 4.1.0-rc2-24027) - framework: dnxcore50, >= netstandard10
    System.Resources.ResourceManager (4.0.1-rc2-24027) - framework: dnxcore50, >= netstandard11
      System.Globalization (>= 4.0.11-rc2-24027) - framework: dnxcore50, >= netstandard10
      System.Reflection (>= 4.1.0-rc2-24027) - framework: dnxcore50, >= netstandard10
      System.Runtime (>= 4.1.0-rc2-24027) - framework: dnxcore50, >= netstandard10
    System.Runtime (4.1.0-rc2-24027) - framework: dnxcore50, >= netstandard11
    System.Text.Encoding (4.0.11-rc2-24027) - framework: dnxcore50, >= netstandard11
      System.Runtime (>= 4.1.0-rc2-24027) - framework: dnxcore50, netstandard10, >= netstandard13
    System.Threading (4.0.11-rc2-24027) - framework: dnxcore50, >= netstandard11
      System.Runtime (>= 4.1.0-rc2-24027) - framework: dnxcore50, netstandard10, >= netstandard13
      System.Threading.Tasks (>= 4.0.11-rc2-24027) - framework: dnxcore50, netstandard10, >= netstandard13
    System.Threading.Tasks (4.0.11-rc2-24027) - framework: dnxcore50, >= netstandard13
      System.Runtime (>= 4.1.0-rc2-24027) - framework: dnxcore50, netstandard10, >= netstandard13

GROUP build
NUGET
  remote: https://www.nuget.org/api/v2
  specs:
    FAKE (4.25.5)
    FSharp.Data (2.3)
      Zlib.Portable (>= 1.11) - framework: portable-net45+sl5+win8, portable-net45+win8, portable-net45+win8+wp8+wpa81
    gitlink (2.3.0-unstable0022)
    Node.js (5.3)
    NoGit (0.1)
      Node.js (>= 0.12)
    Npm (3.5.2)
      Node.js (>= 0.12.7)
      NoGit (>= 0.1)
    xunit.runner.console (2.1)
    Zlib.Portable (1.11) - framework: portable-net45+sl5+win8, portable-net45+win8, portable-net45+win8+wp8+wpa81
